GEM
  remote: https://rubygems.org/
  specs:
    actionmailer (4.0.1)
      actionpack (= 4.0.1)
      mail (~> 2.5.4)
    actionpack (4.0.1)
      activesupport (= 4.0.1)
      builder (~> 3.1.0)
      erubis (~> 2.7.0)
      rack (~> 1.5.2)
      rack-test (~> 0.6.2)
    activemodel (4.0.1)
      activesupport (= 4.0.1)
      builder (~> 3.1.0)
    activerecord (4.0.1)
      activemodel (= 4.0.1)
      activerecord-deprecated_finders (~> 1.0.2)
      activesupport (= 4.0.1)
      arel (~> 4.0.0)
    activerecord-deprecated_finders (1.0.3)
    activesupport (4.0.1)
      i18n (~> 0.6, >= 0.6.4)
      minitest (~> 4.2)
      multi_json (~> 1.3)
      thread_safe (~> 0.1)
      tzinfo (~> 0.3.37)
    arel (4.0.1)
    atomic (1.1.14)
    bcrypt-ruby (3.1.2)
    builder (3.1.4)
    cancan (1.6.10)
    capybara (2.1.0)
      mime-types (>= 1.16)
      nokogiri (>= 1.3.3)
      rack (>= 1.0.0)
      rack-test (>= 0.5.4)
      xpath (~> 2.0)
    coffee-rails (4.0.1)
      coffee-script (>= 2.2.0)
      railties (>= 4.0.0, < 5.0)
    coffee-script (2.2.0)
      coffee-script-source
      execjs
    coffee-script-source (1.6.3)
    cucumber (1.3.8)
      builder (>= 2.1.2)
      diff-lcs (>= 1.1.3)
      gherkin (~> 2.12.1)
      multi_json (>= 1.7.5, < 2.0)
      multi_test (>= 0.0.2)
    cucumber-rails (1.4.0)
      capybara (>= 1.1.2)
      cucumber (>= 1.2.0)
      nokogiri (>= 1.5.0)
      rails (>= 3.0.0)
    database_cleaner (1.2.0)
    devise (3.1.1)
      bcrypt-ruby (~> 3.0)
      orm_adapter (~> 0.1)
      railties (>= 3.2.6, < 5)
      thread_safe (~> 0.1)
      warden (~> 1.2.3)
    diff-lcs (1.2.4)
    erubis (2.7.0)
    execjs (2.0.2)
    faraday (0.8.8)
      multipart-post (~> 1.2.0)
    gherkin (2.12.2)
      multi_json (~> 1.3)
    haml (4.0.3)
      tilt
    haml-rails (0.4)
      actionpack (>= 3.1, < 4.1)
      activesupport (>= 3.1, < 4.1)
      haml (>= 3.1, < 4.1)
      railties (>= 3.1, < 4.1)
    hashie (2.0.5)
    hike (1.2.3)
    httpauth (0.2.0)
    i18n (0.6.5)
    jbuilder (1.5.2)
      activesupport (>= 3.0.0)
      multi_json (>= 1.2.0)
    jquery-rails (3.0.4)
      railties (>= 3.0, < 5.0)
      thor (>= 0.14, < 2.0)
    json (1.8.0)
    jwt (0.1.8)
      multi_json (>= 1.5)
    mail (2.5.4)
      mime-types (~> 1.16)
      treetop (~> 1.4.8)
    mime-types (1.25)
    mini_portile (0.5.1)
    minitest (4.7.5)
    multi_json (1.8.2)
    multi_test (0.0.2)
    multipart-post (1.2.0)
    nokogiri (1.6.0)
      mini_portile (~> 0.5.0)
    oauth2 (0.8.1)
      faraday (~> 0.8)
      httpauth (~> 0.1)
      jwt (~> 0.1.4)
      multi_json (~> 1.0)
      rack (~> 1.2)
    omniauth (1.1.4)
      hashie (>= 1.2, < 3)
      rack
    omniauth-github (1.1.1)
      omniauth (~> 1.0)
      omniauth-oauth2 (~> 1.1)
    omniauth-oauth2 (1.1.1)
      oauth2 (~> 0.8.0)
      omniauth (~> 1.0)
    orm_adapter (0.4.0)
    pg (0.17.0)
    polyglot (0.3.3)
    posix-spawn (0.3.6)
    pygments.rb (0.5.2)
      posix-spawn (~> 0.3.6)
      yajl-ruby (~> 1.1.0)
    rack (1.5.2)
    rack-test (0.6.2)
      rack (>= 1.0)
    rails (4.0.1)
      actionmailer (= 4.0.1)
      actionpack (= 4.0.1)
      activerecord (= 4.0.1)
      activesupport (= 4.0.1)
      bundler (>= 1.3.0, < 2.0)
      railties (= 4.0.1)
      sprockets-rails (~> 2.0.0)
    rails_12factor (0.0.2)
      rails_serve_static_assets
      rails_stdout_logging
    rails_serve_static_assets (0.0.1)
    rails_stdout_logging (0.0.3)
    railties (4.0.1)
      actionpack (= 4.0.1)
      activesupport (= 4.0.1)
      rake (>= 0.8.7)
      thor (>= 0.18.1, < 2.0)
    rake (10.1.0)
    rdoc (3.12.2)
      json (~> 1.4)
    rspec (2.14.1)
      rspec-core (~> 2.14.0)
      rspec-expectations (~> 2.14.0)
      rspec-mocks (~> 2.14.0)
    rspec-core (2.14.6)
    rspec-expectations (2.14.3)
      diff-lcs (>= 1.1.3, < 2.0)
    rspec-mocks (2.14.4)
    sass (3.2.12)
    sass-rails (4.0.1)
      railties (>= 4.0.0, < 5.0)
      sass (>= 3.1.10)
      sprockets-rails (~> 2.0.0)
    sdoc (0.3.20)
      json (>= 1.1.3)
      rdoc (~> 3.10)
    settingslogic (2.0.9)
    sprockets (2.10.0)
      hike (~> 1.2)
      multi_json (~> 1.0)
      rack (~> 1.0)
      tilt (~> 1.1, != 1.3.0)
    sprockets-rails (2.0.1)
      actionpack (>= 3.0)
      activesupport (>= 3.0)
      sprockets (~> 2.8)
    sqlite3 (1.3.8)
    thor (0.18.1)
    thread_safe (0.1.3)
      atomic
    tilt (1.4.1)
    treetop (1.4.15)
      polyglot
      polyglot (>= 0.3.1)
    turbolinks (1.3.0)
      coffee-rails
    tzinfo (0.3.38)
    uglifier (2.2.1)
      execjs (>= 0.3.0)
      multi_json (~> 1.0, >= 1.0.2)
    warden (1.2.3)
      rack (>= 1.0)
    xpath (2.0.0)
      nokogiri (~> 1.3)
    yajl-ruby (1.1.0)

PLATFORMS
  ruby

DEPENDENCIES
  cancan
  coffee-rails (~> 4.0.1)
  cucumber-rails
  database_cleaner
  devise
  haml
  haml-rails
  jbuilder (~> 1.5.2)
  jquery-rails
  omniauth
  omniauth-github
  pg
  pygments.rb
  rails (= 4.0.1)
  rails_12factor
  rspec
  sass-rails (~> 4.0.1)
  sdoc
  settingslogic
  sqlite3
  turbolinks
  uglifier (>= 1.3.0)
